GEM
  remote: http://www.rubygems.org/
  specs:
    amq-protocol (1.8.0)
    bond (0.4.3)
    bunny (0.10.4)
      amq-protocol (>= 1.6.0)
    columnize (0.3.6)
    debugger (1.6.1)
      columnize (>= 0.3.1)
      debugger-linecache (~> 1.2.0)
      debugger-ruby_core_source (~> 1.2.3)
    debugger-completion (1.0.0)
      bond (>= 0.4.2)
      debugger (~> 1.1)
    debugger-linecache (1.2.0)
    debugger-ruby_core_source (1.2.3)
    rack (1.5.2)
    shotgun (0.9)
      rack (>= 1.0)

PLATFORMS
  ruby

DEPENDENCIES
  bunny
  debugger
  debugger-completion
  shotgun
